PATH
  remote: .
  specs:
    c66 (0.1.94)
      bundler (~> 1.3)
      httparty (~> 0.11.0)
      json (~> 1.7.7)
      oauth2 (~> 0.9.2)
      rake (~> 10.1.0)
      thor (~> 0.18.1)

GEM
  remote: https://rubygems.org/
  specs:
    faraday (0.8.9)
      multipart-post (~> 1.2.0)
    httparty (0.11.0)
      multi_json (~> 1.0)
      multi_xml (>= 0.5.2)
    httpauth (0.2.0)
    json (1.7.7)
    jwt (0.1.10)
      multi_json (>= 1.5)
    multi_json (1.8.4)
    multi_xml (0.5.5)
    multipart-post (1.2.0)
    oauth2 (0.9.2)
      faraday (~> 0.8)
      httpauth (~> 0.2)
      jwt (~> 0.1.4)
      multi_json (~> 1.0)
      multi_xml (~> 0.5)
      rack (~> 1.2)
    rack (1.5.2)
    rake (10.1.1)
    thor (0.18.1)

PLATFORMS
  ruby

DEPENDENCIES
  c66!
